GEM
  remote: https://rubygems.org/
  specs:
    mysql2 (0.3.16)
    yui-compressor (0.12.0)

PLATFORMS
  ruby

DEPENDENCIES
  mysql2
  yui-compressor
